GIT
  remote: https://github.com/NREL/openstudio-common-measures-gem.git
  revision: 6f3a8184cb0d50e3ae793be4129d895f736fd241
  branch: develop
  specs:
    openstudio-common-measures (0.10.0)
      addressable (= 2.8.1)
      bundler (~> 2.4.10)
      multipart-post (= 2.4.0)
      openstudio-extension (~> 0.8.0)
      openstudio-standards (= 0.6.1)
      regexp_parser (= 2.9.0)

GIT
  remote: https://github.com/NREL/openstudio-model-articulation-gem.git
  revision: 88eb58514c0e34e368d99ab9d7eeb2f2e5748f17
  branch: 0.10.0-rc2
  specs:
    openstudio-model-articulation (0.10.0)
      addressable (= 2.8.1)
      bcl (~> 0.8.0)
      bundler (~> 2.4.10)
      multipart-post (= 2.4.0)
      octokit (= 4.18.0)
      openstudio-extension (~> 0.8.0)
      openstudio-standards (= 0.6.1)
      openstudio-workflow (~> 2.4.0)
      openstudio_measure_tester (~> 0.4.0)
      parallel (= 1.19.1)
      regexp_parser (= 2.9.0)

PATH
  remote: .
  specs:
    openStudio-coalition-measures (1.0.0)

GEM
  remote: https://rubygems.org/
  specs:
    addressable (2.8.1)
      public_suffix (>= 2.0.2, < 6.0)
    ansi (1.5.0)
    ast (2.4.2)
    bcl (0.8.0)
      builder (= 3.2.4)
      faraday (~> 1.0.1)
      minitar (~> 0.9)
      openstudio_measure_tester (~> 0.4.0)
      rexml (= 3.2.5)
      rubyzip (~> 2.3.2)
      spreadsheet (= 1.2.9)
      uuid (~> 2.3.9)
      yamler (= 0.1.0)
      zliby (= 0.0.5)
    builder (3.2.4)
    diff-lcs (1.5.1)
    docile (1.4.0)
    faraday (1.0.1)
      multipart-post (>= 1.2, < 3)
    git (1.12.0)
      addressable (~> 2.8)
      rchardet (~> 1.8)
    json (2.7.2)
    json-schema (4.3.0)
      addressable (>= 2.8)
    macaddr (1.7.2)
      systemu (~> 2.6.5)
    matrix (0.4.2)
    minitar (0.9)
    minitest (5.14.4)
    minitest-reporters (1.4.3)
      ansi
      builder
      minitest (>= 5.0)
      ruby-progressbar
    multipart-post (2.4.0)
    octokit (4.18.0)
      faraday (>= 0.9)
      sawyer (~> 0.8.0, >= 0.5.3)
    openstudio-extension (0.8.0)
      bcl (~> 0.8.0)
      bundler (= 2.4.10)
      octokit (~> 4.18.0)
      openstudio-workflow (~> 2.4.0)
      openstudio_measure_tester (~> 0.4.0)
      parallel (~> 1.19.1)
    openstudio-standards (0.6.1)
      tbd (~> 3)
    openstudio-workflow (2.4.0)
    openstudio_measure_tester (0.4.0)
      git (~> 1.12.0)
      minitest (~> 5.14.0)
      minitest-reporters (~> 1.4.2)
      parser (= 3.2.2.2)
      rake (~> 13.0)
      rubocop (= 1.50)
      rubocop-checkstyle_formatter (= 0.6.0)
      rubocop-performance (= 1.20.0)
      simplecov (= 0.22.0)
    oslg (0.3.0)
    osut (0.5.0)
      oslg (>= 0.3.0)
    parallel (1.19.1)
    parser (3.2.2.2)
      ast (~> 2.4.1)
    public_suffix (5.1.1)
    rainbow (3.1.1)
    rake (13.2.1)
    rchardet (1.8.0)
    regexp_parser (2.9.0)
    rexml (3.2.5)
    rspec (3.13.0)
      rspec-core (~> 3.13.0)
      rspec-expectations (~> 3.13.0)
      rspec-mocks (~> 3.13.0)
    rspec-core (3.13.0)
      rspec-support (~> 3.13.0)
    rspec-expectations (3.13.1)
      diff-lcs (>= 1.2.0, < 2.0)
      rspec-support (~> 3.13.0)
    rspec-mocks (3.13.1)
      diff-lcs (>= 1.2.0, < 2.0)
      rspec-support (~> 3.13.0)
    rspec-support (3.13.1)
    rubocop (1.50.0)
      json (~> 2.3)
      parallel (~> 1.10)
      parser (>= 3.2.0.0)
      rainbow (>= 2.2.2, < 4.0)
      regexp_parser (>= 1.8, < 3.0)
      rexml (>= 3.2.5, < 4.0)
      rubocop-ast (>= 1.28.0, < 2.0)
      ruby-progressbar (~> 1.7)
      unicode-display_width (>= 2.4.0, < 3.0)
    rubocop-ast (1.30.0)
      parser (>= 3.2.1.0)
    rubocop-checkstyle_formatter (0.6.0)
      rubocop (>= 1.14.0)
    rubocop-performance (1.20.0)
      rubocop (>= 1.48.1, < 2.0)
      rubocop-ast (>= 1.30.0, < 2.0)
    ruby-ole (1.2.13.1)
    ruby-progressbar (1.13.0)
    rubyzip (2.3.2)
    sawyer (0.8.2)
      addressable (>= 2.3.5)
      faraday (> 0.8, < 2.0)
    simplecov (0.22.0)
      docile (~> 1.1)
      simplecov-html (~> 0.11)
      simplecov_json_formatter (~> 0.1)
    simplecov-html (0.12.3)
    simplecov_json_formatter (0.1.4)
    spreadsheet (1.2.9)
      ruby-ole
    systemu (2.6.5)
    tbd (3.4.2)
      json-schema (~> 4)
      osut (~> 0)
      topolys (~> 0)
    topolys (0.6.2)
      matrix
    unicode-display_width (2.5.0)
    uuid (2.3.9)
      macaddr (~> 1.0)
    yamler (0.1.0)
    zliby (0.0.5)

PLATFORMS
  x64-mingw-ucrt

DEPENDENCIES
  openStudio-coalition-measures!
  openstudio-common-measures!
  openstudio-model-articulation!
  parallel (~> 1.19)
  rake (~> 13.0)
  rspec (~> 3.11)

BUNDLED WITH
   2.4.10
