PATH
  remote: .
  specs:
    openStudio-coalition-measures (1.0.0)

GEM
  remote: https://rubygems.org/
  specs:
    addressable (2.8.1)
      public_suffix (>= 2.0.2, < 6.0)
    ansi (1.5.0)
    ast (2.4.2)
    bcl (0.7.1)
      builder (= 3.2.4)
      faraday (~> 1.0.1)
      minitar (~> 0.9)
      openstudio_measure_tester (~> 0.3.1)
      rexml (= 3.2.5)
      rubyzip (~> 2.3.2)
      spreadsheet (= 1.2.9)
      uuid (~> 2.3.9)
      yamler (= 0.1.0)
      zliby (= 0.0.5)
    builder (3.2.4)
    diff-lcs (1.5.0)
    docile (1.4.0)
    faraday (1.0.1)
      multipart-post (>= 1.2, < 3)
    git (1.12.0)
      addressable (~> 2.8)
      rchardet (~> 1.8)
    macaddr (1.7.2)
      systemu (~> 2.6.5)
    minitar (0.9)
    minitest (5.14.4)
    minitest-reporters (1.4.3)
      ansi
      builder
      minitest (>= 5.0)
      ruby-progressbar
    multipart-post (2.3.0)
    octokit (4.18.0)
      faraday (>= 0.9)
      sawyer (~> 0.8.0, >= 0.5.3)
    openstudio-common-measures (0.7.0)
      bundler (>= 2.1)
      openstudio-extension (~> 0.6.0)
      openstudio-standards (~> 0.3.0)
    openstudio-extension (0.6.0)
      bcl (~> 0.7.1)
      bundler (~> 2.1.0)
      octokit (~> 4.18.0)
      openstudio-workflow (~> 2.3.0)
      openstudio_measure_tester (~> 0.3.1)
      parallel (~> 1.19.1)
    openstudio-model-articulation (0.7.0)
      bundler (~> 2.1)
      openstudio-extension (~> 0.6.0)
      openstudio-standards (~> 0.3.0)
    openstudio-standards (0.3.0)
    openstudio-workflow (2.3.1)
    openstudio_measure_tester (0.3.2)
      git (~> 1.12.0)
      minitest (~> 5.14.0)
      minitest-reporters (~> 1.4.2)
      rake (~> 13.0)
      rubocop (~> 1.15.0)
      rubocop-checkstyle_formatter (~> 0.4.0)
      rubocop-performance (~> 1.11.3)
      simplecov (~> 0.18.2)
    parallel (1.19.2)
    parser (3.2.1.1)
      ast (~> 2.4.1)
    public_suffix (5.0.1)
    rainbow (3.1.1)
    rake (13.0.6)
    rchardet (1.8.0)
    regexp_parser (2.7.0)
    rexml (3.2.5)
    rspec (3.12.0)
      rspec-core (~> 3.12.0)
      rspec-expectations (~> 3.12.0)
      rspec-mocks (~> 3.12.0)
    rspec-core (3.12.1)
      rspec-support (~> 3.12.0)
    rspec-expectations (3.12.2)
      diff-lcs (>= 1.2.0, < 2.0)
      rspec-support (~> 3.12.0)
    rspec-mocks (3.12.4)
      diff-lcs (>= 1.2.0, < 2.0)
      rspec-support (~> 3.12.0)
    rspec-support (3.12.0)
    rubocop (1.15.0)
      parallel (~> 1.10)
      parser (>= 3.0.0.0)
      rainbow (>= 2.2.2, < 4.0)
      regexp_parser (>= 1.8, < 3.0)
      rexml
      rubocop-ast (>= 1.5.0, < 2.0)
      ruby-progressbar (~> 1.7)
      unicode-display_width (>= 1.4.0, < 3.0)
    rubocop-ast (1.27.0)
      parser (>= 3.2.1.0)
    rubocop-checkstyle_formatter (0.4.0)
      rubocop (>= 0.35.1)
    rubocop-performance (1.11.5)
      rubocop (>= 1.7.0, < 2.0)
      rubocop-ast (>= 0.4.0)
    ruby-ole (1.2.12.2)
    ruby-progressbar (1.13.0)
    rubyzip (2.3.2)
    sawyer (0.8.2)
      addressable (>= 2.3.5)
      faraday (> 0.8, < 2.0)
    simplecov (0.18.5)
      docile (~> 1.1)
      simplecov-html (~> 0.11)
    simplecov-html (0.12.3)
    spreadsheet (1.2.9)
      ruby-ole
    systemu (2.6.5)
    unicode-display_width (2.4.2)
    uuid (2.3.9)
      macaddr (~> 1.0)
    yamler (0.1.0)
    zliby (0.0.5)

PLATFORMS
  x64-mingw32

DEPENDENCIES
  bundler (~> 2.1)
  openStudio-coalition-measures!
  openstudio-common-measures (~> 0.7.0)
  openstudio-model-articulation (~> 0.7.0)
  parallel (~> 1.19.2)
  rake (~> 13.0)
  rspec (~> 3.11)

BUNDLED WITH
   2.1.4
